GEM
  remote: https://rubygems.org/
  specs:
    ruby-opencv (0.0.18)

PLATFORMS
  x86_64-darwin-19

DEPENDENCIES
  ruby-opencv

BUNDLED WITH
   2.2.32
